GEM
  remote: https://rubygems.org/
  specs:
    rack (2.2.12)

PLATFORMS
  ruby

DEPENDENCIES
  rack (~> 2.2)

BUNDLED WITH
   2.0.2
